GEM
  remote: https://rubygems.org/
  specs:
    mina (1.0.6)
      open4 (~> 1.3.4)
      rake
    open4 (1.3.4)
    rake (12.0.0)

PLATFORMS
  ruby

DEPENDENCIES
  mina (~> 1.0)

BUNDLED WITH
   1.15.0.pre.3
